GEM
  remote: http://rubygems.org/
  remote: http://gems.github.com/
  specs:
    execjs (1.2.0)
      multi_json (~> 1.0)
    multi_json (1.0.3)

PLATFORMS
  ruby

DEPENDENCIES
  execjs
