GEM
  remote: http://rubygems.org/
  remote: http://gems.github.com/
  specs:
    johnson (1.2.0)

PLATFORMS
  ruby

DEPENDENCIES
  johnson
