GEM
  remote: http://rubygems.org/
  remote: http://rubygems.org/
  remote: http://gems.github.com/
  specs:
    libv8 (3.3.10.2)
    therubyracer (0.9.2)
      libv8 (~> 3.3.10)

PLATFORMS
  ruby

DEPENDENCIES
  therubyracer
